GEM
 remote: https://rubygems.org/
 specs:
   builder (3.2.2)
   childprocess (0.5.9)
     ffi (~> 1.0, >= 1.0.11)
   commonwatir (4.0.0)
   diff-lcs (1.2.5)
   ffi (1.9.14)
   headless (2.2.3)
   json (2.0.1)
   rake (11.2.2)
   rspec (3.1.0)
     rspec-core (~> 3.1.0)
     rspec-expectations (~> 3.1.0)
     rspec-mocks (~> 3.1.0)
   rspec-core (3.1.7)
     rspec-support (~> 3.1.0)
   rspec-expectations (3.1.2)
     diff-lcs (>= 1.2.0, < 2.0)
     rspec-support (~> 3.1.0)
   rspec-mocks (3.1.3)
     rspec-support (~> 3.1.0)
   rspec-support (3.1.2)
   rspec_testlink_formatters (0.0.3)
     builder (~> 3.2.0)
     rspec-core (~> 3.1.0)
   rubyzip (1.2.0)
   selenium-webdriver (2.53.4)
     childprocess (~> 0.5)
     rubyzip (~> 1.0)
     websocket (~> 1.0)
   testlink_rspec_utils (0.0.7)
     xml-simple (~> 1.1.4)
   watir (5.0.0)
     commonwatir (~> 4)
     watir-webdriver
   watir-webdriver (0.9.1)
     selenium-webdriver (>= 2.46.2)
   websocket (1.2.3)
   xml-simple (1.1.5)

PLATFORMS
 ruby

DEPENDENCIES
 builder
 headless
 json
 rake
 rspec
 rspec_testlink_formatters
 testlink_rspec_utils
 watir

BUNDLED WITH
  1.11.2
